GEM
  remote: https://rubygems.org/
  specs:
    addressable (2.8.1)
      public_suffix (>= 2.0.2, < 6.0)
    ethon (0.16.0)
      ffi (>= 1.15.0)
    ffi (1.15.5)
    html-proofer (4.4.3)
      addressable (~> 2.3)
      mercenary (~> 0.3)
      nokogiri (~> 1.13)
      parallel (~> 1.10)
      rainbow (~> 3.0)
      typhoeus (~> 1.3)
      yell (~> 2.0)
      zeitwerk (~> 2.5)
    jekyll-paginate (1.1.0)
    mercenary (0.3.6)
    mini_portile2 (2.8.1)
    nokogiri (1.14.0)
      mini_portile2 (~> 2.8.0)
      racc (~> 1.4)
    nokogiri (1.14.0-arm64-darwin)
      racc (~> 1.4)
    nokogiri (1.14.0-x86_64-darwin)
      racc (~> 1.4)
    nokogiri (1.14.0-x86_64-linux)
      racc (~> 1.4)
    parallel (1.22.1)
    public_suffix (4.0.7)
    racc (1.6.2)
    rainbow (3.1.1)
    rake (13.0.6)
    typhoeus (1.4.0)
      ethon (>= 0.9.0)
    webrick (1.7.0)
    yell (2.2.2)
    zeitwerk (2.6.6)

PLATFORMS
  arm64-darwin-21
  arm64-darwin-22
  ruby
  x86_64-darwin-20
  x86_64-linux

DEPENDENCIES
  html-proofer
  jekyll-paginate
  rake
  webrick

BUNDLED WITH
   2.3.7
